GEM
  specs:
    sqlite3 (1.3.4)

PLATFORMS
  ruby

DEPENDENCIES
  sqlite3
